PATH
  remote: .
  specs:
    aliyun-openapi (0.1.0)
      faraday (= 0.9.2)

GEM
  remote: https://rubygems.org/
  specs:
    faraday (0.9.2)
      multipart-post (>= 1.2, < 3)
    minitest (5.8.1)
    multipart-post (2.0.0)
    rake (10.4.2)

PLATFORMS
  ruby

DEPENDENCIES
  aliyun-openapi!
  bundler (~> 1.10)
  minitest
  rake (~> 10.0)

BUNDLED WITH
   1.10.6
